GEM
  remote: https://rubygems.org/
  specs:
    addressable (2.8.7)
      public_suffix (>= 2.0.2, < 7.0)
    bigdecimal (3.1.8)
    crack (1.0.0)
      bigdecimal
      rexml
    delayer (1.2.0)
    delayer-deferred (2.2.0)
      delayer (>= 1.1.2, < 2.0)
    diva (1.0.3)
      addressable (>= 2.5.2, < 3.0)
    hashdiff (1.1.0)
    instance_storage (1.0.0)
    memoist (0.16.2)
    mocha (1.12.0)
    oauth (0.5.6)
    pluggaloid (1.5.0)
      delayer (>= 1.1.0, < 2.0)
      instance_storage (>= 1.0.0, < 2.0.0)
    power_assert (2.0.0)
    public_suffix (4.0.7)
    rake (13.0.3)
    rexml (3.3.4)
      strscan
    ruby-prof (1.4.3)
    strscan (3.1.0)
    test-unit (3.4.0)
      power_assert
    typed-array (0.1.2)
    webmock (3.23.1)
      addressable (>= 2.8.0)
      crack (>= 0.3.2)
      hashdiff (>= 0.4.0, < 2.0.0)

PLATFORMS
  ruby

DEPENDENCIES
  addressable (~> 2.8)
  delayer (>= 1.1.2, < 2.0)
  delayer-deferred (>= 2.2.0, < 3.0)
  diva (>= 1.0.3, < 2.0)
  memoist (>= 0.16.2, < 0.17)
  mocha (>= 1.11.1)
  oauth (>= 0.5.4)
  pluggaloid (>= 1.5.0, < 2.0)
  rake (>= 13.0.1)
  ruby-prof (>= 1.1.0)
  test-unit (>= 3.3.4, < 4.0)
  typed-array (>= 0.1.2, < 0.2)
  webmock (>= 3.19.0)

RUBY VERSION
   ruby 2.6.6p146

BUNDLED WITH
   1.17.3
