GEM
  remote: https://rubygems.org/
  specs:
    builder (3.2.4)
    erubi (1.12.0)
    ffi (1.16.3)
    fileutils (0.7.2)
    gssapi (1.3.1)
      ffi (>= 1.0.1)
    gyoku (1.4.0)
      builder (>= 2.1.2)
      rexml (~> 3.0)
    httpclient (2.8.3)
    little-plugger (1.1.4)
    logger (1.4.3)
    logging (2.3.1)
      little-plugger (~> 1.1)
      multi_json (~> 1.14)
    multi_json (1.15.0)
    nori (2.6.0)
    rexml (3.2.6)
    rubyntlm (0.6.3)
    rubyzip (2.3.2)
    stringio (0.0.2)
    winrm (2.3.6)
      builder (>= 2.1.2)
      erubi (~> 1.8)
      gssapi (~> 1.2)
      gyoku (~> 1.0)
      httpclient (~> 2.2, >= 2.2.0.2)
      logging (>= 1.6.1, < 3.0)
      nori (~> 2.0)
      rubyntlm (~> 0.6.0, >= 0.6.3)
    winrm-fs (1.3.5)
      erubi (~> 1.8)
      logging (>= 1.6.1, < 3.0)
      rubyzip (~> 2.0)
      winrm (~> 2.0)

PLATFORMS
  ruby

DEPENDENCIES
  fileutils
  logger
  stringio
  winrm (>= 2.3.3)
  winrm-fs (>= 1.3.3)

BUNDLED WITH
   2.1.4
