GEM
  remote: https://rubygems.org/
  specs:
    mime (0.4.4)
    mime-types (3.3.1)
      mime-types-data (~> 3.2015)
    mime-types-data (3.2021.0704)
    mini_exiftool (2.10.2)
    mini_portile2 (2.8.5)
    nokogiri (1.15.6)
      mini_portile2 (~> 2.8.2)
      racc (~> 1.4)
    racc (1.7.3)
    rexml (3.2.5)
    rubyzip (2.3.2)
    spider (0.5.4)

PLATFORMS
  ruby

DEPENDENCIES
  mime
  mime-types (>= 3.3.1)
  mini_exiftool
  nokogiri (>= 1.15.6)
  rexml
  rubyzip
  spider

BUNDLED WITH
   2.1.4
