GEM
  remote: https://rubygems.org/
  specs:
    addressable (2.8.3)
      public_suffix (>= 2.0.2, < 6.0)
    adts (0.1.2)
    commander (4.6.0)
      highline (~> 2.0.0)
    contracts (0.16.1)
    elm_install (1.6.1)
      adts (~> 0.1.2)
      commander (~> 4.4, >= 4.4.2)
      contracts (~> 0.16.0)
      git (~> 1.3)
      git_clone_url (~> 2.0)
      indentation (~> 0.1.1)
      molinillo (= 0.5.7)
      smart_colored (~> 1.1, >= 1.1.1)
      solve (~> 3.1)
    git (1.18.0)
      addressable (~> 2.8)
      rchardet (~> 1.8)
    git_clone_url (2.0.0)
      uri-ssh_git (>= 2.0)
    highline (2.0.3)
    indentation (0.1.1)
    molinillo (0.5.7)
    public_suffix (5.0.1)
    rchardet (1.8.0)
    semverse (2.0.0)
    smart_colored (1.1.1)
    solve (3.1.1)
      molinillo (>= 0.5)
      semverse (>= 1.1, < 3.0)
    uri-ssh_git (2.0.0)

PLATFORMS
  ruby

DEPENDENCIES
  elm_install

BUNDLED WITH
   2.1.4
