GEM
  remote: https://rubygems.org/
  specs:
    chronic (0.10.2)
    deep_merge (1.2.2)
    doing (1.0.33)
      chronic (~> 0.10, >= 0.10.2)
      deep_merge (~> 1.2, >= 1.2.1)
      gli (~> 2.19, >= 2.19.2)
      haml (~> 5.1.2, >= 5.1.2)
      json (~> 2.3.1, >= 1.8.1)
    gli (2.21.0)
    haml (5.1.2)
      temple (>= 0.8.0)
      tilt
    json (2.3.1)
    temple (0.10.0)
    tilt (2.1.0)

PLATFORMS
  ruby

DEPENDENCIES
  doing (= 1.0.33)

BUNDLED WITH
   2.1.4
