GEM
  remote: https://rubygems.org/
  specs:
    json (2.6.3)
    procodile (1.0.26)
      json

PLATFORMS
  ruby

DEPENDENCIES
  procodile

BUNDLED WITH
   2.1.4
