GEM
  remote: https://rubygems.org/
  specs:
    aws-eventstream (1.3.0)
    aws-partitions (1.930.0)
    aws-sdk-core (3.196.1)
      aws-eventstream (~> 1, >= 1.3.0)
      aws-partitions (~> 1, >= 1.651.0)
      aws-sigv4 (~> 1.8)
      jmespath (~> 1, >= 1.6.1)
    aws-sdk-kms (1.81.0)
      aws-sdk-core (~> 3, >= 3.193.0)
      aws-sigv4 (~> 1.1)
    aws-sdk-s3 (1.151.0)
      aws-sdk-core (~> 3, >= 3.194.0)
      aws-sdk-kms (~> 1)
      aws-sigv4 (~> 1.8)
    aws-sigv4 (1.8.0)
      aws-eventstream (~> 1, >= 1.0.2)
    cfn-model (0.6.6)
      kwalify (= 0.7.2)
      psych (~> 3)
    cfn-nag (0.8.10)
      aws-sdk-s3 (~> 1.76)
      cfn-model (= 0.6.6)
      lightly (~> 0.3.2)
      logging (~> 2.2.2)
      netaddr (~> 2.0.4)
      optimist (~> 3.0.0)
      rexml
    jmespath (1.6.2)
    kwalify (0.7.2)
    lightly (0.3.3)
    little-plugger (1.1.4)
    logging (2.2.2)
      little-plugger (~> 1.1)
      multi_json (~> 1.10)
    multi_json (1.15.0)
    netaddr (2.0.6)
    optimist (3.0.1)
    psych (3.3.4)
    rexml (3.2.8)
      strscan (>= 3.0.9)
    strscan (3.1.0)

PLATFORMS
  ruby

DEPENDENCIES
  cfn-nag (>= 0.8.10)

BUNDLED WITH
   2.1.4
