GEM
  remote: https://rubygems.org/
  specs:
    redis-dump (0.6.1)

PLATFORMS
  ruby

DEPENDENCIES
  redis-dump (>= 0.6.0)

BUNDLED WITH
   2.1.4
