GEM
  remote: https://rubygems.org/
  specs:
    ffi (1.15.0)
    google-protobuf (3.22.2)
    libusb (0.6.4)
      ffi (~> 1.0)
      mini_portile2 (~> 2.1)
    mini_portile2 (2.8.5)
    nokogiri (1.15.6)
      mini_portile2 (~> 2.8.2)
      racc (~> 1.4)
    racc (1.7.3)
    rubyserial (0.6.0)
      ffi (~> 1.9, >= 1.9.3)

PLATFORMS
  ruby

DEPENDENCIES
  google-protobuf (>= 3.19.6)
  libusb
  nokogiri (>= 1.15.6)
  rubyserial

BUNDLED WITH
   2.1.4
